GEM
  remote: https://rubygems.org/
  specs:
    actionmailer (2.3.11)
      actionpack (= 2.3.11)
    actionpack (2.3.11)
      activesupport (= 2.3.11)
      rack (~> 1.1.0)
    activerecord (2.3.11)
      activesupport (= 2.3.11)
    activeresource (2.3.11)
      activesupport (= 2.3.11)
    activesupport (2.3.11)
    cssmin (1.0.3)
    dalli (1.0.5)
    hirb (0.7.3)
    iconv (1.0.4)
    jammit (0.6.5)
      yui-compressor (>= 0.9.3)
    jsmin (1.0.1)
    json (1.8.3)
    multi_json (1.0.4)
    mysql (2.8.1)
    oj (2.14.6)
    rabl (0.3.0)
      multi_json (~> 1.0.3)
    rack (1.1.6)
    rails (2.3.11)
      actionmailer (= 2.3.11)
      actionpack (= 2.3.11)
      activerecord (= 2.3.11)
      activeresource (= 2.3.11)
      activesupport (= 2.3.11)
      rake (>= 0.8.3)
    rake (0.9.6)
    rdoc (4.2.2)
      json (~> 1.4)
    will_paginate (2.3.14)
    yui-compressor (0.12.0)

PLATFORMS
  ruby

DEPENDENCIES
  cssmin
  dalli (~> 1.0.5)
  hirb
  iconv (~> 1.0.3)
  jammit (= 0.6.5)
  jsmin
  mysql (= 2.8.1)
  oj
  rabl
  rails (= 2.3.11)
  rake (= 0.9.6)
  rdoc
  will_paginate (= 2.3.14)

BUNDLED WITH
   1.11.2
