GEM
  remote: https://rubygems.org/
  specs:
    actionmailer (2.3.8)
      actionpack (= 2.3.8)
    actionpack (2.3.8)
      activesupport (= 2.3.8)
      rack (~> 1.1.0)
    activerecord (2.3.8)
      activesupport (= 2.3.8)
    activeresource (2.3.8)
      activesupport (= 2.3.8)
    activesupport (2.3.8)
    cssmin (1.0.3)
    jammit (0.7.0)
      cssmin (~> 1.0)
      jsmin (~> 1.0)
    jsmin (1.0.1)
    json (1.8.3)
    mysql (2.8.1)
    rack (1.1.6)
    rails (2.3.8)
      actionmailer (= 2.3.8)
      actionpack (= 2.3.8)
      activerecord (= 2.3.8)
      activeresource (= 2.3.8)
      activesupport (= 2.3.8)
      rake (>= 0.8.3)
    rake (0.9.6)
    rdoc (4.2.1)
      json (~> 1.4)
    will_paginate (2.3.16)

PLATFORMS
  ruby

DEPENDENCIES
  jammit (= 0.7.0)
  mysql (= 2.8.1)
  rails (= 2.3.8)
  rake (= 0.9.6)
  rdoc
  will_paginate (= 2.3.16)
