GEM
  remote: https://rubygems.org/
  specs:
    actionmailer (2.3.8)
      actionpack (= 2.3.8)
    actionpack (2.3.8)
      activesupport (= 2.3.8)
      rack (~> 1.1.0)
    activerecord (2.3.8)
      activesupport (= 2.3.8)
    activeresource (2.3.8)
      activesupport (= 2.3.8)
    activesupport (2.3.8)
    jammit (0.6.3)
      yui-compressor (>= 0.9.3)
    json (1.8.3)
    mysql (2.8.1)
    rack (1.1.6)
    rails (2.3.8)
      actionmailer (= 2.3.8)
      actionpack (= 2.3.8)
      activerecord (= 2.3.8)
      activeresource (= 2.3.8)
      activesupport (= 2.3.8)
      rake (>= 0.8.3)
    rake (0.9.6)
    rdoc (4.2.1)
      json (~> 1.4)
    will_paginate (2.3.16)
    yui-compressor (0.12.0)

PLATFORMS
  ruby

DEPENDENCIES
  jammit (= 0.6.3)
  mysql (= 2.8.1)
  rails (= 2.3.8)
  rake (= 0.9.6)
  rdoc
  will_paginate (= 2.3.16)
