GEM
  remote: https://rubygems.org/
  specs:
    will_paginate (3.0.7)

PLATFORMS
  ruby

DEPENDENCIES
  will_paginate (~> 3.0.4)

BUNDLED WITH
   1.11.2
